GIT
  remote: https://github.com/pond/sdoc.git
  revision: 4197420bd974d1d5be9699ac67726297a7acabe7
  branch: master
  specs:
    sdoc (2.3.1)
      rdoc (>= 5.0, < 7.0.0)

PATH
  remote: .
  specs:
    ooxml_encryption (0.3.0)
      nokogiri (~> 1.13)
      openssl (~> 3.0)
      simple_cfb (~> 0.1)

GEM
  remote: https://rubygems.org/
  specs:
    actionpack (7.2.1.1)
      actionview (= 7.2.1.1)
      activesupport (= 7.2.1.1)
      nokogiri (>= 1.8.5)
      racc
      rack (>= 2.2.4, < 3.2)
      rack-session (>= 1.0.1)
      rack-test (>= 0.6.3)
      rails-dom-testing (~> 2.2)
      rails-html-sanitizer (~> 1.6)
      useragent (~> 0.16)
    actionview (7.2.1.1)
      activesupport (= 7.2.1.1)
      builder (~> 3.1)
      erubi (~> 1.11)
      rails-dom-testing (~> 2.2)
      rails-html-sanitizer (~> 1.6)
    activesupport (7.2.1.1)
      base64
      bigdecimal
      concurrent-ruby (~> 1.0, >= 1.3.1)
      connection_pool (>= 2.2.5)
      drb
      i18n (>= 1.6, < 2)
      logger (>= 1.4.2)
      minitest (>= 5.1)
      securerandom (>= 0.3)
      tzinfo (~> 2.0, >= 2.0.5)
    base64 (0.2.0)
    bigdecimal (3.1.8)
    builder (3.3.0)
    concurrent-ruby (1.3.4)
    connection_pool (2.4.1)
    crass (1.0.6)
    debug (1.9.2)
      irb (~> 1.10)
      reline (>= 0.3.8)
    diff-lcs (1.5.1)
    docile (1.4.1)
    doggo (1.4.0)
      rspec-core (~> 3.13)
    drb (2.2.1)
    erubi (1.13.0)
    i18n (1.14.6)
      concurrent-ruby (~> 1.0)
    io-console (0.7.2)
    irb (1.14.1)
      rdoc (>= 4.0.0)
      reline (>= 0.4.2)
    logger (1.6.1)
    loofah (2.22.0)
      crass (~> 1.0.2)
      nokogiri (>= 1.12.0)
    minitest (5.25.1)
    nokogiri (1.16.7-x86_64-darwin)
      racc (~> 1.4)
    nokogiri (1.16.7-x86_64-linux)
      racc (~> 1.4)
    openssl (3.2.0)
    psych (5.1.2)
      stringio
    racc (1.8.1)
    rack (3.1.10)
    rack-session (2.0.0)
      rack (>= 3.0.0)
    rack-test (2.1.0)
      rack (>= 1.3)
    rackup (2.1.0)
      rack (>= 3)
      webrick (~> 1.8)
    rails-dom-testing (2.2.0)
      activesupport (>= 5.0.0)
      minitest
      nokogiri (>= 1.6)
    rails-html-sanitizer (1.6.0)
      loofah (~> 2.21)
      nokogiri (~> 1.14)
    railties (7.2.1.1)
      actionpack (= 7.2.1.1)
      activesupport (= 7.2.1.1)
      irb (~> 1.13)
      rackup (>= 1.0.0)
      rake (>= 12.2)
      thor (~> 1.0, >= 1.2.2)
      zeitwerk (~> 2.6)
    rake (13.2.1)
    rdoc (6.7.0)
      psych (>= 4.0.0)
    reline (0.5.10)
      io-console (~> 0.5)
    rspec-core (3.13.2)
      rspec-support (~> 3.13.0)
    rspec-expectations (3.13.3)
      diff-lcs (>= 1.2.0, < 2.0)
      rspec-support (~> 3.13.0)
    rspec-mocks (3.13.2)
      diff-lcs (>= 1.2.0, < 2.0)
      rspec-support (~> 3.13.0)
    rspec-rails (7.0.1)
      actionpack (>= 7.0)
      activesupport (>= 7.0)
      railties (>= 7.0)
      rspec-core (~> 3.13)
      rspec-expectations (~> 3.13)
      rspec-mocks (~> 3.13)
      rspec-support (~> 3.13)
    rspec-support (3.13.1)
    securerandom (0.3.1)
    simple_cfb (0.1.0)
      activesupport (> 5, < 8)
    simplecov (0.22.0)
      docile (~> 1.1)
      simplecov-html (~> 0.11)
      simplecov_json_formatter (~> 0.1)
    simplecov-html (0.13.1)
    simplecov-rcov (0.3.7)
      simplecov (>= 0.4.1)
    simplecov_json_formatter (0.1.4)
    stringio (3.1.1)
    thor (1.3.2)
    tzinfo (2.0.6)
      concurrent-ruby (~> 1.0)
    useragent (0.16.10)
    webrick (1.8.2)
    zeitwerk (2.7.1)

PLATFORMS
  x86_64-darwin-21
  x86_64-darwin-22
  x86_64-darwin-24
  x86_64-linux

DEPENDENCIES
  debug (~> 1.9)
  doggo (~> 1.4)
  ooxml_encryption!
  rdoc (~> 6.7)
  rspec-rails (~> 7.0)
  sdoc!
  simplecov-rcov (~> 0.3)

BUNDLED WITH
   2.4.3
